GIT
  remote: https://github.com/JS-Tech/capistrano-server
  revision: fb3f7eaa59ffa448bc7a6f91be98b2214665030c
  tag: v0.7.1
  specs:
    capistrano-server (0.7.1)
      capistrano (~> 3.1)

GIT
  remote: https://github.com/khcr/snapuser.git
  revision: 3777af2b513123976488aa08941be7fce1fa74a3
  specs:
    snapuser (0.2.5)
      bcrypt-ruby
      rails (>= 4.2.1)
      sass-rails
      snaptable

GEM
  remote: https://rubygems.org/
  specs:
    actioncable (5.1.1)
      actionpack (= 5.1.1)
      nio4r (~> 2.0)
      websocket-driver (~> 0.6.1)
    actionmailer (5.1.1)
      actionpack (= 5.1.1)
      actionview (= 5.1.1)
      activejob (= 5.1.1)
      mail (~> 2.5, >= 2.5.4)
      rails-dom-testing (~> 2.0)
    actionpack (5.1.1)
      actionview (= 5.1.1)
      activesupport (= 5.1.1)
      rack (~> 2.0)
      rack-test (~> 0.6.3)
      rails-dom-testing (~> 2.0)
      rails-html-sanitizer (~> 1.0, >= 1.0.2)
    actionview (5.1.1)
      activesupport (= 5.1.1)
      builder (~> 3.1)
      erubi (~> 1.4)
      rails-dom-testing (~> 2.0)
      rails-html-sanitizer (~> 1.0, >= 1.0.3)
    activejob (5.1.1)
      activesupport (= 5.1.1)
      globalid (>= 0.3.6)
    activemodel (5.1.1)
      activesupport (= 5.1.1)
    activerecord (5.1.1)
      activemodel (= 5.1.1)
      activesupport (= 5.1.1)
      arel (~> 8.0)
    activesupport (5.1.1)
      concurrent-ruby (~> 1.0, >= 1.0.2)
      i18n (~> 0.7)
      minitest (~> 5.1)
      tzinfo (~> 1.1)
    addressable (2.5.1)
      public_suffix (~> 2.0, >= 2.0.2)
    airbrussh (1.3.0)
      sshkit (>= 1.6.1, != 1.7.0)
    arel (8.0.0)
    autoparse (0.3.3)
      addressable (>= 2.3.1)
      extlib (>= 0.9.15)
      multi_json (>= 1.0.0)
    bcrypt (3.1.11)
    bcrypt-ruby (3.1.5)
      bcrypt (>= 3.1.3)
    bindex (0.5.0)
    builder (3.2.3)
    capistrano (3.6.1)
      airbrussh (>= 1.0.0)
      capistrano-harrow
      i18n
      rake (>= 10.0.0)
      sshkit (>= 1.9.0)
    capistrano-bundler (1.2.0)
      capistrano (~> 3.1)
      sshkit (~> 1.2)
    capistrano-harrow (0.5.3)
    capistrano-maintenance (1.2.0)
      capistrano (>= 3.0)
    capistrano-rails (1.3.0)
      capistrano (~> 3.1)
      capistrano-bundler (~> 1.1)
    capistrano-rvm (0.1.2)
      capistrano (~> 3.0)
      sshkit (~> 1.2)
    carrierwave (1.1.0)
      activemodel (>= 4.0.0)
      activesupport (>= 4.0.0)
      mime-types (>= 1.16)
    carrierwave-i18n (0.2.0)
    carrierwave-processing (1.0.0)
      carrierwave
    coffee-rails (4.2.2)
      coffee-script (>= 2.2.0)
      railties (>= 4.0.0)
    coffee-script (2.4.1)
      coffee-script-source
      execjs
    coffee-script-source (1.12.2)
    concurrent-ruby (1.0.5)
    css_parser (1.5.0)
      addressable
    erubi (1.6.1)
    excon (0.57.1)
    execjs (2.7.0)
    extlib (0.9.16)
    fancybox2-rails (0.2.7)
      railties (>= 3.1.0)
    faraday (0.12.2)
      multipart-post (>= 1.2, < 3)
    ffi (1.9.18)
    fog-core (1.44.3)
      builder
      excon (~> 0.49)
      formatador (~> 0.2)
    fog-google (0.5.3)
      fog-core
      fog-json
      fog-xml
    fog-json (1.0.2)
      fog-core (~> 1.0)
      multi_json (~> 1.10)
    fog-xml (0.1.3)
      fog-core
      nokogiri (>= 1.5.11, < 2.0.0)
    formatador (0.2.5)
    globalid (0.4.0)
      activesupport (>= 4.2.0)
    google-api-client (0.8.6)
      activesupport (>= 3.2)
      addressable (~> 2.3)
      autoparse (~> 0.3)
      extlib (~> 0.9)
      faraday (~> 0.9)
      googleauth (~> 0.3)
      launchy (~> 2.4)
      multi_json (~> 1.10)
      retriable (~> 1.4)
      signet (~> 0.6)
    googleauth (0.5.3)
      faraday (~> 0.12)
      jwt (~> 1.4)
      logging (~> 2.0)
      memoist (~> 0.12)
      multi_json (~> 1.11)
      os (~> 0.9)
      signet (~> 0.7)
    htmlentities (4.3.4)
    i18n (0.8.6)
    jbuilder (2.7.0)
      activesupport (>= 4.2.0)
      multi_json (>= 1.2)
    jquery-fileupload-rails (0.4.7)
      actionpack (>= 3.1)
      railties (>= 3.1)
      sass (>= 3.2)
    jquery-rails (4.3.1)
      rails-dom-testing (>= 1, < 3)
      railties (>= 4.2.0)
      thor (>= 0.14, < 2.0)
    json (1.8.6)
    jwt (1.5.6)
    launchy (2.4.3)
      addressable (~> 2.3)
    listen (3.1.5)
      rb-fsevent (~> 0.9, >= 0.9.4)
      rb-inotify (~> 0.9, >= 0.9.7)
      ruby_dep (~> 1.2)
    little-plugger (1.1.4)
    logging (2.2.2)
      little-plugger (~> 1.1)
      multi_json (~> 1.10)
    loofah (2.0.3)
      nokogiri (>= 1.5.9)
    mail (2.6.6)
      mime-types (>= 1.16, < 4)
    mailgun (0.11)
    mediaelement_rails (0.8.2)
      jquery-rails (>= 1.0)
      railties (>= 3.1)
    memoist (0.16.0)
    method_source (0.8.2)
    mime-types (3.1)
      mime-types-data (~> 3.2015)
    mime-types-data (3.2016.0521)
    mini_magick (4.8.0)
    mini_portile2 (2.2.0)
    minitest (5.10.3)
    multi_json (1.12.1)
    multipart-post (2.0.0)
    net-scp (1.2.1)
      net-ssh (>= 2.6.5)
    net-ssh (4.1.0)
    nio4r (2.1.0)
    nokogiri (1.8.0)
      mini_portile2 (~> 2.2.0)
    os (0.9.6)
    pg (0.21.0)
    premailer (1.10.4)
      addressable
      css_parser (>= 1.4.10)
      htmlentities (>= 4.0.0)
    premailer-rails (1.9.7)
      actionmailer (>= 3, < 6)
      premailer (~> 1.7, >= 1.7.9)
    public_suffix (2.0.5)
    puma (3.9.1)
    rack (2.0.3)
    rack-test (0.6.3)
      rack (>= 1.0)
    rails (5.1.1)
      actioncable (= 5.1.1)
      actionmailer (= 5.1.1)
      actionpack (= 5.1.1)
      actionview (= 5.1.1)
      activejob (= 5.1.1)
      activemodel (= 5.1.1)
      activerecord (= 5.1.1)
      activesupport (= 5.1.1)
      bundler (>= 1.3.0, < 2.0)
      railties (= 5.1.1)
      sprockets-rails (>= 2.0.0)
    rails-dom-testing (2.0.3)
      activesupport (>= 4.2.0)
      nokogiri (>= 1.6)
    rails-html-sanitizer (1.0.3)
      loofah (~> 2.0)
    railties (5.1.1)
      actionpack (= 5.1.1)
      activesupport (= 5.1.1)
      method_source
      rake (>= 0.8.7)
      thor (>= 0.18.1, < 2.0)
    rake (12.0.0)
    rb-fsevent (0.10.2)
    rb-inotify (0.9.10)
      ffi (>= 0.5.0, < 2)
    rdoc (4.3.0)
    retriable (1.4.1)
    ruby_dep (1.5.0)
    sass (3.5.1)
      sass-listen (~> 4.0.0)
    sass-listen (4.0.0)
      rb-fsevent (~> 0.9, >= 0.9.4)
      rb-inotify (~> 0.9, >= 0.9.7)
    sass-rails (5.0.6)
      railties (>= 4.0.0, < 6)
      sass (~> 3.1)
      sprockets (>= 2.8, < 4.0)
      sprockets-rails (>= 2.0, < 4.0)
      tilt (>= 1.1, < 3)
    sdoc (0.4.2)
      json (~> 1.7, >= 1.7.7)
      rdoc (~> 4.0)
    signet (0.7.3)
      addressable (~> 2.3)
      faraday (~> 0.9)
      jwt (~> 1.5)
      multi_json (~> 1.10)
    simple_markdown (0.3.3)
      rails (>= 4.2.0)
    snaptable (2.0.4)
      jquery-rails
      rails (>= 5.0.0)
      sass-rails
      will_paginate
    spring (2.0.2)
      activesupport (>= 4.2)
    sprockets (3.7.1)
      concurrent-ruby (~> 1.0)
      rack (> 1, < 3)
    sprockets-rails (3.2.0)
      actionpack (>= 4.0)
      activesupport (>= 4.0)
      sprockets (>= 3.0.0)
    sshkit (1.14.0)
      net-scp (>= 1.1.2)
      net-ssh (>= 2.8.0)
    thor (0.19.4)
    thread_safe (0.3.6)
    tilt (2.0.7)
    turbolinks (5.0.1)
      turbolinks-source (~> 5)
    turbolinks-source (5.0.3)
    tzinfo (1.2.3)
      thread_safe (~> 0.1)
    uglifier (3.2.0)
      execjs (>= 0.3.0, < 3)
    web-console (3.5.1)
      actionview (>= 5.0)
      activemodel (>= 5.0)
      bindex (>= 0.4.0)
      railties (>= 5.0)
    websocket-driver (0.6.5)
      websocket-extensions (>= 0.1.0)
    websocket-extensions (0.1.2)
    will_paginate (3.1.6)

PLATFORMS
  ruby

DEPENDENCIES
  capistrano (= 3.6.1)
  capistrano-bundler
  capistrano-maintenance
  capistrano-rails
  capistrano-rvm
  capistrano-server!
  carrierwave (~> 1.1)
  carrierwave-i18n
  carrierwave-processing (~> 1.0.0)
  coffee-rails
  fancybox2-rails
  fog-google
  google-api-client (> 0.8.5, < 0.9)
  jbuilder
  jquery-fileupload-rails
  jquery-rails
  listen
  mailgun
  mediaelement_rails
  mime-types
  mini_magick (~> 4.7)
  nokogiri
  pg
  premailer-rails
  puma
  rails (= 5.1.1)
  sass-rails (~> 5.0)
  sdoc
  simple_markdown
  snaptable
  snapuser!
  spring
  turbolinks
  uglifier
  web-console
  will_paginate (~> 3.1.0)

BUNDLED WITH
   1.14.6
